GEM
  remote: https://rubygems.org/
  specs:
    concurrent-ruby (1.2.2)
    connection_pool (2.3.0)
    daemons (1.4.1)
    eventmachine (1.2.7)
    faraday (2.7.4)
      faraday-net_http (>= 2.0, < 3.1)
      ruby2_keywords (>= 0.0.4)
    faraday-net_http (3.0.2)
    mustermann (3.0.0)
      ruby2_keywords (~> 0.0.1)
    rack (2.2.6.2)
    rack-protection (3.0.5)
      rack
    redis (5.0.6)
      redis-client (>= 0.9.0)
    redis-client (0.12.2)
      connection_pool
    redis-namespace (1.10.0)
      redis (>= 4)
    ruby2_keywords (0.0.5)
    sidekiq (7.0.6)
      concurrent-ruby (< 2)
      connection_pool (>= 2.3.0)
      rack (>= 2.2.4)
      redis-client (>= 0.11.0)
    sinatra (3.0.5)
      mustermann (~> 3.0)
      rack (~> 2.2, >= 2.2.4)
      rack-protection (= 3.0.5)
      tilt (~> 2.0)
    thin (1.8.1)
      daemons (~> 1.0, >= 1.0.9)
      eventmachine (~> 1.0, >= 1.0.4)
      rack (>= 1, < 3)
    tilt (2.1.0)

PLATFORMS
  arm64-darwin-21
  x86_64-linux

DEPENDENCIES
  faraday
  redis
  redis-namespace
  sidekiq
  sinatra
  thin

RUBY VERSION
   ruby 3.2.1p31

BUNDLED WITH
   2.4.6
